GEM
  remote: https://rubygems.org/
  specs:
    httparty (0.15.6)
      multi_xml (>= 0.5.2)
    multi_xml (0.6.0)
    slop (4.6.0)

PLATFORMS
  java
  ruby

DEPENDENCIES
  httparty
  slop

BUNDLED WITH
   1.15.4
